GEM
  remote: https://rubygems.org/
  specs:
    diplomat (0.15.0)
      faraday (~> 0.9)
      json (~> 1.8)
    faraday (0.9.2)
      multipart-post (>= 1.2, < 3)
    json (1.8.3)
    multipart-post (2.0.0)
    mysql2 (0.4.1)

PLATFORMS
  ruby

DEPENDENCIES
  diplomat (~> 0.15.0)
  mysql2 (~> 0.4.0)

BUNDLED WITH
   1.10.6
